GEM
  remote: https://rubygems.org/
  specs:
    byebug (11.1.3)
    coderay (1.1.3)
    erubi (1.12.0)
    flamegraph (0.9.5)
    method_source (1.0.0)
    netrc (0.11.0)
    parallel (1.24.0)
    prettier_print (1.2.1)
    prism (0.19.0)
    pry (0.14.2)
      coderay (~> 1.1)
      method_source (~> 1.0)
    rbi (0.1.6)
      prism (>= 0.18.0, < 0.20)
      sorbet-runtime (>= 0.5.9204)
    sorbet (0.5.11164)
      sorbet-static (= 0.5.11164)
    sorbet-runtime (0.5.11164)
    sorbet-static (0.5.11164-universal-darwin)
    sorbet-static-and-runtime (0.5.11164)
      sorbet (= 0.5.11164)
      sorbet-runtime (= 0.5.11164)
    sorbet-struct-comparable (1.3.0)
      sorbet-runtime (>= 0.5)
    spoom (1.2.4)
      erubi (>= 1.10.0)
      sorbet-static-and-runtime (>= 0.5.10187)
      syntax_tree (>= 6.1.1)
      thor (>= 0.19.2)
    stackprof (0.2.25)
    syntax_tree (6.2.0)
      prettier_print (>= 1.2.0)
    tapioca (0.11.14)
      bundler (>= 2.2.25)
      netrc (>= 0.11.0)
      parallel (>= 1.21.0)
      rbi (>= 0.1.4, < 0.2)
      sorbet-static-and-runtime (>= 0.5.10187)
      spoom (~> 1.2.0, >= 1.2.0)
      thor (>= 1.2.0)
      yard-sorbet
    thor (1.3.0)
    yard (0.9.34)
    yard-sorbet (0.8.1)
      sorbet-runtime (>= 0.5)
      yard (>= 0.9)

PLATFORMS
  arm64-darwin-20
  arm64-darwin-22
  arm64-darwin-23

DEPENDENCIES
  byebug
  flamegraph
  parallel
  pry (~> 0.14.2)
  sorbet-static-and-runtime
  sorbet-struct-comparable
  stackprof
  tapioca

BUNDLED WITH
   2.3.21
