GEM
  remote: https://rubygems.org/
  specs:
    byebug (11.1.3)
    sorbet (0.5.11670)
      sorbet-static (= 0.5.11670)
    sorbet-runtime (0.5.11670)
    sorbet-static (0.5.11670-aarch64-linux)
    sorbet-static (0.5.11670-universal-darwin)
    sorbet-static (0.5.11670-x86_64-linux)
    sorbet-static-and-runtime (0.5.11670)
      sorbet (= 0.5.11670)
      sorbet-runtime (= 0.5.11670)
    sorbet-struct-comparable (1.3.0)
      sorbet-runtime (>= 0.5)

PLATFORMS
  aarch64-linux
  universal-darwin
  x86_64-linux

DEPENDENCIES
  byebug
  sorbet-static-and-runtime (~> 0.5.11670)
  sorbet-struct-comparable (~> 1.3)

BUNDLED WITH
   2.5.5
